GEM
  remote: http://rubygems.org/
  specs:
    byebug (11.0.1)
    diff-lcs (1.3)
    gnfinder (0.2.2)
    mini_portile2 (2.4.0)
    nokogiri (1.10.3)
      mini_portile2 (~> 2.4.0)
    rake (12.3.2)
    rosette_api (1.12.1)
      rubysl-securerandom (~> 2.0)
    rspec (3.8.0)
      rspec-core (~> 3.8.0)
      rspec-expectations (~> 3.8.0)
      rspec-mocks (~> 3.8.0)
    rspec-core (3.8.1)
      rspec-support (~> 3.8.0)
    rspec-expectations (3.8.4)
      diff-lcs (>= 1.2.0, < 2.0)
      rspec-support (~> 3.8.0)
    rspec-mocks (3.8.1)
      diff-lcs (>= 1.2.0, < 2.0)
      rspec-support (~> 3.8.0)
    rspec-support (3.8.2)
    rubysl-securerandom (2.0.0)

PLATFORMS
  ruby

DEPENDENCIES
  byebug
  gnfinder
  nokogiri
  rake
  rosette_api
  rspec

RUBY VERSION
   ruby 2.6.3p62

BUNDLED WITH
   1.17.2
